GIT
  remote: git://github.com/ngty/sourcify.git
  revision: ab42747cb3b7e0f3a39bdf5cf3fc1008a27519f3
  specs:
    sourcify (0.6.0.rc4)
      file-tail (~> 1.0.10)
      ruby2ruby (~> 1.3.1)
      ruby_parser (~> 2.3.1)
      sexp_processor (~> 3.2.0)

GEM
  remote: https://rubygems.org/
  specs:
    diff-lcs (1.2.4)
    file-tail (1.0.12)
      tins (~> 0.5)
    fuubar (1.2.1)
      rspec (~> 2.0)
      rspec-instafail (~> 0.2.0)
      ruby-progressbar (~> 1.0)
    rspec (2.14.1)
      rspec-core (~> 2.14.0)
      rspec-expectations (~> 2.14.0)
      rspec-mocks (~> 2.14.0)
    rspec-core (2.14.5)
    rspec-expectations (2.14.3)
      diff-lcs (>= 1.1.3, < 2.0)
    rspec-instafail (0.2.4)
    rspec-mocks (2.14.3)
    ruby-progressbar (1.2.0)
    ruby2ruby (1.3.1)
      ruby_parser (~> 2.0)
      sexp_processor (~> 3.0)
    ruby_parser (2.3.1)
      sexp_processor (~> 3.0)
    sexp_processor (3.2.0)
    tins (0.12.0)
    unific (0.11)

PLATFORMS
  ruby

DEPENDENCIES
  fuubar
  rspec
  sourcify!
  unific
