GIT
  remote: git://github.com/ngty/sourcify.git
  revision: ab42747cb3b7e0f3a39bdf5cf3fc1008a27519f3
  specs:
    sourcify (0.6.0.rc4)
      file-tail (~> 1.0.10)
      ruby2ruby (~> 1.3.1)
      ruby_parser (~> 2.3.1)
      sexp_processor (~> 3.2.0)

GEM
  remote: https://rubygems.org/
  specs:
    activesupport (4.0.0)
      i18n (~> 0.6, >= 0.6.4)
      minitest (~> 4.2)
      multi_json (~> 1.3)
      thread_safe (~> 0.1)
      tzinfo (~> 0.3.37)
    atomic (1.1.14)
    binding_of_caller (0.7.2)
      debug_inspector (>= 0.0.1)
    debug_inspector (0.0.2)
    diff-lcs (1.2.4)
    file-tail (1.0.12)
      tins (~> 0.5)
    fuubar (1.2.1)
      rspec (~> 2.0)
      rspec-instafail (~> 0.2.0)
      ruby-progressbar (~> 1.0)
    i18n (0.6.5)
    minitest (4.7.5)
    multi_json (1.8.2)
    rspec (2.14.1)
      rspec-core (~> 2.14.0)
      rspec-expectations (~> 2.14.0)
      rspec-mocks (~> 2.14.0)
    rspec-core (2.14.5)
    rspec-expectations (2.14.3)
      diff-lcs (>= 1.1.3, < 2.0)
    rspec-instafail (0.2.4)
    rspec-mocks (2.14.3)
    ruby-progressbar (1.2.0)
    ruby2ruby (1.3.1)
      ruby_parser (~> 2.0)
      sexp_processor (~> 3.0)
    ruby_parser (2.3.1)
      sexp_processor (~> 3.0)
    sexp_processor (3.2.0)
    thread_safe (0.1.3)
      atomic
    tins (0.12.0)
    tzinfo (0.3.38)
    unific (0.11)

PLATFORMS
  ruby

DEPENDENCIES
  activesupport
  binding_of_caller
  fuubar
  rspec
  sourcify!
  unific
